GEM
  remote: https://rubygems.org/
  specs:
    coderay (1.1.3)
    csv (3.2.1)
    date (3.2.0)
    diff-lcs (1.4.4)
    method_source (1.0.0)
    mustermann (1.1.1)
      ruby2_keywords (~> 0.0.1)
    open-uri (0.2.0)
      stringio
      time
      uri
    pry (0.14.1)
      coderay (~> 1.1)
      method_source (~> 1.0)
    rack (2.2.3)
    rack-protection (2.1.0)
      rack
    rspec (3.10.0)
      rspec-core (~> 3.10.0)
      rspec-expectations (~> 3.10.0)
      rspec-mocks (~> 3.10.0)
    rspec-core (3.10.1)
      rspec-support (~> 3.10.0)
    rspec-expectations (3.10.1)
      diff-lcs (>= 1.2.0, < 2.0)
      rspec-support (~> 3.10.0)
    rspec-mocks (3.10.2)
      diff-lcs (>= 1.2.0, < 2.0)
      rspec-support (~> 3.10.0)
    rspec-support (3.10.2)
    ruby2_keywords (0.0.5)
    shotgun (0.9.2)
      rack (>= 1.0)
    sinatra (2.1.0)
      mustermann (~> 1.0)
      rack (~> 2.2)
      rack-protection (= 2.1.0)
      tilt (~> 2.0)
    stringio (3.0.1)
    tilt (2.0.10)
    time (0.2.0)
      date
    uri (0.11.0)

PLATFORMS
  x86_64-linux

DEPENDENCIES
  csv
  open-uri
  pry
  rspec
  shotgun
  sinatra

RUBY VERSION
   ruby 2.7.4p191

BUNDLED WITH
   2.2.29
